GEM
  remote: https://rubygems.org/
  specs:
    addressable (2.3.5)
    atomic (1.1.14)
    buftok (0.2.0)
    descendants_tracker (0.0.3)
    equalizer (0.0.8)
    faraday (0.8.8)
      multipart-post (~> 1.2.0)
    http (0.5.0)
      http_parser.rb
    http_parser.rb (0.5.3)
    json (1.8.1)
    memoizable (0.2.0)
      thread_safe (~> 0.1.3)
    multipart-post (1.2.0)
    nokogiri (1.5.10)
    rake (10.1.0)
    simple_oauth (0.2.0)
    thread_safe (0.1.3)
      atomic
    twitter (5.1.1)
      addressable (~> 2.3)
      buftok (~> 0.2.0)
      descendants_tracker (~> 0.0.1)
      equalizer (~> 0.0.7)
      faraday (>= 0.8, < 0.10)
      http (~> 0.5.0)
      http_parser.rb (~> 0.5.0)
      json (~> 1.8)
      memoizable (~> 0.2.0)
      simple_oauth (~> 0.2.0)
    weather_jp (1.0.4)
      nokogiri (~> 1.5.5)
      rake (>= 0.9.2)

PLATFORMS
  ruby

DEPENDENCIES
  twitter
  weather_jp
